GEM
  remote: https://rubygems.org/
  specs:
    colorize (0.8.1)
    minitest (5.11.3)
    rack (2.0.6)
    rack-test (1.1.0)
      rack (>= 1.0, < 3)

PLATFORMS
  ruby

DEPENDENCIES
  colorize (~> 0.8.1)
  minitest
  rack (~> 2.0.6)
  rack-test

BUNDLED WITH
   1.16.2
