GEM
  remote: https://rubygems.org/
  specs:
    coderay (1.1.2)
    colorize (0.8.1)
    method_source (0.9.2)
    pry (0.12.2)
      coderay (~> 1.1.0)
      method_source (~> 0.9.0)
    rack (2.0.6)

PLATFORMS
  ruby

DEPENDENCIES
  colorize (~> 0.8.1)
  pry
  rack (~> 2.0.6)

BUNDLED WITH
   1.16.2
